GIT
  remote: https://github.com/richpeck/sinatra-asset-pipeline.git
  revision: 37b664a0bd54aeccf0c74592fae3d2ff5b65eddc
  specs:
    sinatra-asset-pipeline (2.2.0)
      coffee-script (~> 2.4)
      rake (~> 12.3)
      sass (~> 3.5)
      sinatra (~> 2.0)
      sprockets (~> 3.7)
      sprockets-helpers (~> 1.2)

GEM
  remote: https://rubygems.org/
  remote: https://rails-assets.org/
  specs:
    activemodel (6.0.2)
      activesupport (= 6.0.2)
    activemodel-serializers-xml (1.0.2)
      activemodel (> 5.x)
      activesupport (> 5.x)
      builder (~> 3.1)
    activerecord (6.0.2)
      activemodel (= 6.0.2)
      activesupport (= 6.0.2)
    activeresource (5.1.0)
      activemodel (>= 5.0, < 7)
      activemodel-serializers-xml (~> 1.0)
      activesupport (>= 5.0, < 7)
    activesupport (6.0.2)
      concurrent-ruby (~> 1.0, >= 1.0.2)
      i18n (>= 0.7, < 2)
      minitest (~> 5.1)
      tzinfo (~> 1.1)
      zeitwerk (~> 2.2)
    addressable (2.7.0)
      public_suffix (>= 2.0.2, < 5.0)
    backports (3.15.0)
    builder (3.2.4)
    byebug (11.0.1)
    coffee-script (2.4.1)
      coffee-script-source
      execjs
    coffee-script-source (1.12.2)
    concurrent-ruby (1.1.5)
    dotenv (2.7.5)
    execjs (2.7.0)
    ffi (1.11.3)
    ffi (1.11.3-x64-mingw32)
    foreman (0.86.0)
    graphql (1.9.17)
    graphql-client (0.16.0)
      activesupport (>= 3.0)
      graphql (~> 1.8)
    haml (5.1.2)
      temple (>= 0.8.0)
      tilt
    humanize (2.4.0)
    i18n (0.9.5)
      concurrent-ruby (~> 1.0)
    io-console (0.5.3)
    irb (1.2.1)
      reline (>= 0.0.1)
    minitest (5.13.0)
    multi_json (1.14.1)
    mustermann (1.0.3)
    mysql2 (0.5.3)
    mysql2 (0.5.3-x64-mingw32)
    nio4r (2.5.2)
    padrino-helpers (0.14.4)
      i18n (~> 0.6, >= 0.6.7)
      padrino-support (= 0.14.4)
      tilt (>= 1.4.1, < 3)
    padrino-support (0.14.4)
    pg (1.1.4)
    pg (1.1.4-x64-mingw32)
    public_suffix (4.0.1)
    puma (4.3.5)
      nio4r (~> 2.0)
    rack (2.0.8)
    rack-flash3 (1.0.5)
      rack
    rack-protection (2.0.7)
      rack
    rails-assets-datatables (1.10.19)
      rails-assets-jquery (>= 1.7.0)
    rails-assets-jquery (3.4.1)
    rake (12.3.3)
    rb-fsevent (0.10.3)
    rb-inotify (0.10.1)
      ffi (~> 1.0)
    reline (0.1.0)
      io-console (~> 0.5)
    require_all (3.0.0)
    sass (3.7.4)
      sass-listen (~> 4.0.0)
    sass-listen (4.0.0)
      rb-fsevent (~> 0.9, >= 0.9.4)
      rb-inotify (~> 0.9, >= 0.9.7)
    shopify_api (8.1.0)
      activeresource (>= 4.1.0, < 6.0.0)
      graphql-client
      rack
    sinatra (2.0.7)
      mustermann (~> 1.0)
      rack (~> 2.0)
      rack-protection (= 2.0.7)
      tilt (~> 2.0)
    sinatra-activerecord (2.0.14)
      activerecord (>= 3.2)
      sinatra (>= 1.0)
    sinatra-contrib (2.0.7)
      backports (>= 2.8.2)
      multi_json
      mustermann (~> 1.0)
      rack-protection (= 2.0.7)
      sinatra (= 2.0.7)
      tilt (~> 2.0)
    sinatra-cors (1.1.0)
    sprockets (3.7.2)
      concurrent-ruby (~> 1.0)
      rack (> 1, < 3)
    sprockets-helpers (1.2.1)
      sprockets (>= 2.2)
    sqlite3 (1.4.2)
    temple (0.8.2)
    thread_safe (0.3.6)
    tilt (2.0.10)
    titleize (1.4.1)
    tzinfo (1.2.5)
      thread_safe (~> 0.1)
    uglifier (4.2.0)
      execjs (>= 0.3.0, < 3)
    zeitwerk (2.2.2)

PLATFORMS
  ruby
  x64-mingw32

DEPENDENCIES
  activerecord (= 6.0.2)
  addressable (~> 2.7)
  byebug
  dotenv
  foreman
  haml (~> 5.1, >= 5.1.2)
  humanize (~> 2.1, >= 2.1.1)
  irb
  mysql2
  padrino-helpers (~> 0.14.4)
  pg
  puma
  rack-flash3
  rails-assets-datatables!
  rails-assets-jquery!
  rake
  require_all (~> 3.0)
  sass (~> 3.7, >= 3.7.4)
  shopify_api (~> 8.1)
  sinatra (~> 2.0, >= 2.0.7)
  sinatra-activerecord (~> 2.0, >= 2.0.14)
  sinatra-asset-pipeline (~> 2.2)!
  sinatra-contrib (~> 2.0, >= 2.0.7)
  sinatra-cors (~> 1.1)
  sqlite3
  titleize (~> 1.4, >= 1.4.1)
  uglifier (~> 4.2)

RUBY VERSION
   ruby 2.6.5p114

BUNDLED WITH
   2.0.2
